PATH
  remote: .
  specs:
    active_record_extended (2.2.0)
      activerecord (>= 5.2, < 7.1.0)
      ar_outer_joins (~> 0.2)
      pg (< 3.0)

GEM
  remote: https://rubygems.org/
  specs:
    activemodel (7.0.3.1)
      activesupport (= 7.0.3.1)
    activerecord (7.0.3.1)
      activemodel (= 7.0.3.1)
      activesupport (= 7.0.3.1)
    activesupport (7.0.3.1)
      concurrent-ruby (~> 1.0, >= 1.0.2)
      i18n (>= 1.6, < 2)
      minitest (>= 5.1)
      tzinfo (~> 2.0)
    ar_outer_joins (0.2.0)
      activerecord (>= 3.2)
    ast (2.4.2)
    byebug (11.0.1)
    coderay (1.1.2)
    concurrent-ruby (1.1.10)
    database_cleaner (1.7.0)
    diff-lcs (1.3)
    docile (1.3.2)
    dotenv (2.7.5)
    i18n (1.12.0)
      concurrent-ruby (~> 1.0)
    json (2.3.1)
    method_source (0.9.2)
    minitest (5.16.2)
    niceql (0.1.25)
    parallel (1.22.1)
    parser (3.1.2.0)
      ast (~> 2.4.1)
    pg (1.4.1)
    pry (0.11.3)
      coderay (~> 1.1.0)
      method_source (~> 0.9.0)
    pry-byebug (3.7.0)
      byebug (~> 11.0)
      pry (~> 0.10)
    rainbow (3.1.1)
    rake (13.0.1)
    regexp_parser (2.5.0)
    rexml (3.2.5)
    rspec (3.8.0)
      rspec-core (~> 3.8.0)
      rspec-expectations (~> 3.8.0)
      rspec-mocks (~> 3.8.0)
    rspec-core (3.8.2)
      rspec-support (~> 3.8.0)
    rspec-expectations (3.8.4)
      diff-lcs (>= 1.2.0, < 2.0)
      rspec-support (~> 3.8.0)
    rspec-mocks (3.8.1)
      diff-lcs (>= 1.2.0, < 2.0)
      rspec-support (~> 3.8.0)
    rspec-support (3.8.2)
    rubocop (1.32.0)
      json (~> 2.3)
      parallel (~> 1.10)
      parser (>= 3.1.0.0)
      rainbow (>= 2.2.2, < 4.0)
      regexp_parser (>= 1.8, < 3.0)
      rexml (>= 3.2.5, < 4.0)
      rubocop-ast (>= 1.19.1, < 2.0)
      ruby-progressbar (~> 1.7)
      unicode-display_width (>= 1.4.0, < 3.0)
    rubocop-ast (1.19.1)
      parser (>= 3.1.1.0)
    rubocop-performance (1.14.3)
      rubocop (>= 1.7.0, < 2.0)
      rubocop-ast (>= 0.4.0)
    rubocop-rake (0.6.0)
      rubocop (~> 1.0)
    rubocop-rspec (2.12.1)
      rubocop (~> 1.31)
    ruby-progressbar (1.11.0)
    simplecov (0.17.0)
      docile (~> 1.1)
      json (>= 1.8, < 3)
      simplecov-html (~> 0.10.0)
    simplecov-html (0.10.2)
    tzinfo (2.0.5)
      concurrent-ruby (~> 1.0)
    unicode-display_width (2.2.0)

PLATFORMS
  ruby
  x64-mingw32

DEPENDENCIES
  active_record_extended!
  bundler (>= 2.2, < 3.0)
  byebug
  database_cleaner (~> 1.6)
  dotenv
  niceql
  pry (~> 0.11.3)
  pry-byebug (~> 3.5, >= 3.5.1)
  rake (>= 10.0)
  rspec (~> 3.0)
  rubocop
  rubocop-performance
  rubocop-rake
  rubocop-rspec
  simplecov (~> 0.16)

BUNDLED WITH
   2.3.19
